GEM
  remote: https://rubygems.org/
  specs:
    poseidon (0.0.5)
    snappy (0.0.12)

PLATFORMS
  ruby

DEPENDENCIES
  poseidon
  snappy

BUNDLED WITH
   1.10.6
